GEM
  remote: https://rubygems.org/
  specs:
    mustermann (1.1.2)
      ruby2_keywords (~> 0.0.1)
    rack (2.2.9)
    rack-protection (2.1.0)
      rack
    ruby2_keywords (0.0.5)
    sinatra (2.1.0)
      mustermann (~> 1.0)
      rack (~> 2.2)
      rack-protection (= 2.1.0)
      tilt (~> 2.0)
    sqlite3 (1.7.3-aarch64-linux)
    sqlite3 (1.7.3-arm-linux)
    sqlite3 (1.7.3-arm64-darwin)
    sqlite3 (1.7.3-x86-linux)
    sqlite3 (1.7.3-x86_64-darwin)
    sqlite3 (1.7.3-x86_64-linux)
    tilt (2.3.0)

PLATFORMS
  aarch64-linux
  arm-linux
  arm64-darwin
  x86-linux
  x86_64-darwin
  x86_64-linux

DEPENDENCIES
  sinatra (~> 2.1.0)
  sqlite3 (~> 1.4, >= 1.4.2)

BUNDLED WITH
   2.5.13
